GEM
  remote: https://rubygems.org/
  specs:
    ruby-kafka (0.3.17)

PLATFORMS
  ruby

DEPENDENCIES
  ruby-kafka

BUNDLED WITH
   1.15.1
